PATH
  remote: .
  specs:
    val (0.0.0)
      to_proc

GEM
  remote: https://rubygems.org/
  specs:
    bgem (0.0.9)
    diff-lcs (1.3)
    power_assert (1.0.2)
    rspec (3.6.0)
      rspec-core (~> 3.6.0)
      rspec-expectations (~> 3.6.0)
      rspec-mocks (~> 3.6.0)
    rspec-core (3.6.0)
      rspec-support (~> 3.6.0)
    rspec-expectations (3.6.0)
      diff-lcs (>= 1.2.0, < 2.0)
      rspec-support (~> 3.6.0)
    rspec-mocks (3.6.0)
      diff-lcs (>= 1.2.0, < 2.0)
      rspec-support (~> 3.6.0)
    rspec-power_assert (1.0.0)
      power_assert (~> 1.0.0)
      rspec (>= 2.14)
    rspec-support (3.6.0)
    to_proc (0.0.7)

PLATFORMS
  ruby

DEPENDENCIES
  bgem
  rspec
  rspec-power_assert
  val!

BUNDLED WITH
   1.15.3
