PATH
  remote: .
  specs:
    val (0.0.0)
      to_proc

GEM
  remote: https://rubygems.org/
  specs:
    awesome_print (1.8.0)
    bgem (0.0.9)
    byebug (9.0.6)
    coderay (1.1.1)
    diff-lcs (1.3)
    method_source (0.8.2)
    power_assert (1.0.2)
    pry (0.10.4)
      coderay (~> 1.1.0)
      method_source (~> 0.8.1)
      slop (~> 3.4)
    pry-byebug (3.4.2)
      byebug (~> 9.0)
      pry (~> 0.10)
    rspec (3.6.0)
      rspec-core (~> 3.6.0)
      rspec-expectations (~> 3.6.0)
      rspec-mocks (~> 3.6.0)
    rspec-core (3.6.0)
      rspec-support (~> 3.6.0)
    rspec-expectations (3.6.0)
      diff-lcs (>= 1.2.0, < 2.0)
      rspec-support (~> 3.6.0)
    rspec-mocks (3.6.0)
      diff-lcs (>= 1.2.0, < 2.0)
      rspec-support (~> 3.6.0)
    rspec-power_assert (1.0.0)
      power_assert (~> 1.0.0)
      rspec (>= 2.14)
    rspec-support (3.6.0)
    slop (3.6.0)
    to_proc (0.0.7)

PLATFORMS
  ruby

DEPENDENCIES
  awesome_print
  bgem
  byebug
  pry
  pry-byebug
  rspec
  rspec-power_assert
  val!

BUNDLED WITH
   1.15.3
